{"subject":"0202","TaskName":"Rest","Modality":"MR","MagneticFieldStrength":3,"ImagingFrequency":123.251,"Manufacturer":"Siemens","ManufacturersModelName":"TrioTim","InstitutionName":"MRRC","InstitutionAddress":"Lothrop_Street_200_Pittsburgh_Pittsburgh_-_Columbus_US_15213","DeviceSerialNumber":"35216","StationName":"MRC35216","PatientPosition":"HFS","ProcedureStepDescription":"BRAIN_swp-5335","SoftwareVersions":"syngo_MR_B15","MRAcquisitionType":"2D","SeriesDescription":"fcMRI_resting","ProtocolName":"fcMRI_resting","ScanningSequence":"EP","SequenceVariant":"SK","ScanOptions":"FS","SequenceName":"_epfid2d1_64","ImageType":["ORIGINAL","PRIMARY","M","ND","MOSAIC"],"SeriesNumber":9,"AcquisitionTime":"16:12:52.672500","AcquisitionNumber":1,"SliceThickness":3,"SpacingBetweenSlices":3,"SAR":0.2779,"EchoTime":0.028,"RepetitionTime":2,"FlipAngle":90,"PartialFourier":1,"BaseResolution":64,"ShimSetting":[-1452,225,21579,844,118,-582,-258,-89],"TxRefAmp":439.152,"PhaseResolution":1,"ReceiveCoilName":"HeadMatrix","CoilString":"t:HEA;HEP","PulseSequenceDetails":"%SiemensSeq%_ep2d_bold","PercentPhaseFOV":100,"PhaseEncodingSteps":63,"AcquisitionMatrixPE":64,"ReconMatrixPE":64,"BandwidthPerPixelPhaseEncode":65.104,"ParallelReductionFactorInPlane":2,"EffectiveEchoSpacing":0.000240001,"DerivedVendorReportedEchoSpacing":0.000480001,"TotalReadoutTime":0.01512,"PixelBandwidth":3125,"DwellTime":0.0000025,"PhaseEncodingDirection":"j","SliceTiming":[0,1.03,0.0525,1.0825,0.1025,1.1325,0.155,1.185,0.2075,1.235,0.2575,1.2875,0.31,1.3375,0.36,1.39,0.4125,1.4425,0.4625,1.4925,0.515,1.545,0.5675,1.595,0.6175,1.6475,0.67,1.7,0.72,1.75,0.7725,1.8025,0.825,1.8525,0.875,1.905,0.9275,1.9575,0.9775],"ImageOrientationPatientDICOM":[0.999943,0.001381,0.0105826,-1.16473e-9,0.991592,-0.129401],"InPlanePhaseEncodingDirectionDICOM":"COL","ConversionSoftware":"dcm2niix","ConversionSoftwareVersion":"v1.0.20181125  GCC5.3.1","nifti_headers":{"base_affine":[[-0.5,0,0,103.75],[0,0.5,0,-127.75],[0,0,0.9999956488609314,-95.49958446621895],[0,0,0,1]],"session_error":0,"extents":0,"sizeof_hdr":348,"srow_x":[0.5,0,0,-104.52178192138672],"srow_y":[0,0.5,0,-97.98995971679688],"pixdim":[1,0.5,0.5,0.9999956488609314,0,0,0,0],"slice_start":0,"intent_p1":0,"cal_max":0,"xyzt_units":2,"intent_p2":0,"intent_p3":0,"qoffset_x":-104.52178192138672,"intent_code":0,"qoffset_z":-103.5392837524414,"sform_code":1,"cal_min":0,"scl_slope":null,"slice_code":0,"slice_duration":0,"quatern_b":0,"vox_offset":0,"bitpix":16,"descrip":"","glmin":0,"dim_info":0,"glmax":0,"quatern_c":0,"data_type":"","aux_file":"","intent_name":"","srow_z":[0,0,0.9999956488609314,-103.5392837524414],"db_name":"","scl_inter":null,"quatern_d":0,"dim":[3,416,512,192,1,1,1,1],"magic":"n+1","datatype":4,"regular":"r","slice_end":0,"qform_code":1,"qoffset_y":-97.98995971679688,"toffset":0},"SkullStripped":false,"BrainlifeURL":"https://brainlife.io/project/6101934ab99111ec58ba5858/dataset/6296405a5842776806e0272c"}
